GEM
  remote: http://rubygems.org/
  specs:
    POpen4 (0.1.4)
      Platform (>= 0.4.0)
      open4
    Platform (0.4.0)
    addressable (2.8.4)
      public_suffix (>= 2.0.2, < 6.0)
    coffee-script (2.2.0)
      coffee-script-source
      execjs
    coffee-script-source (1.1.2)
    execjs (1.2.9)
      multi_json (~> 1.0)
    fssm (0.2.7)
    git (1.18.0)
      addressable (~> 2.8)
      rchardet (~> 1.8)
    jeweler (1.6.4)
      bundler (~> 1.0)
      git (>= 1.2.5)
      rake
    multi_json (1.0.3)
    open4 (1.2.0)
    public_suffix (5.0.1)
    rake (0.9.2)
    rb-fsevent (0.4.3.1)
    rchardet (1.8.0)
    rdiscount (1.6.8)
    rspec (1.3.2)
    sass (3.1.10)
    yard (0.7.2)
    yui-compressor (0.9.6)
      POpen4 (>= 0.1.4)

PLATFORMS
  java
  ruby

DEPENDENCIES
  coffee-script (~> 2.2.0)
  fssm (~> 0.2.7)
  jeweler (~> 1.6.4)
  rake (= 0.9.2)
  rb-fsevent
  rdiscount (~> 1.6.8)
  rspec (~> 1.3.2)
  sass (~> 3.1.10)
  yard
  yui-compressor (~> 0.9.6)
