GEM
  remote: http://rubygems.org/
  specs:
    POpen4 (0.1.4)
      Platform (>= 0.4.0)
      open4
    Platform (0.4.0)
    git (1.2.5)
    jeweler (1.6.4)
      bundler (~> 1.0)
      git (>= 1.2.5)
      rake
    open4 (1.0.1)
    rake (0.9.2)
    rdiscount (1.6.8)
    rspec (1.3.2)
    yard (0.6.4)
    yui-compressor (0.9.6)
      POpen4 (>= 0.1.4)

PLATFORMS
  java
  ruby

DEPENDENCIES
  jeweler (~> 1.6.4)
  rake (~> 0.9.2)
  rdiscount (~> 1.6.8)
  rspec (~> 1.3.2)
  yard
  yui-compressor (~> 0.9.6)
